GEM
  remote: https://rubygems.org/
  specs:
    chunky_png (1.3.3)
    compass (0.11.7)
      chunky_png (~> 1.2)
      fssm (>= 0.2.7)
      sass (~> 3.1)
    fssm (0.2.10)
    haml (4.1.0.beta.1)
      tilt
    haml-contrib (1.0.0.1)
      haml (>= 3.2.0.alpha.13)
    maruku (0.7.2)
    rack (1.6.0)
    rake (10.4.2)
    sass (3.2.19)
    staticmatic (0.11.1)
      compass (>= 0.10.0)
      haml (>= 2.0.0)
      rack (>= 1.0)
    tilt (2.0.1)
    yard (0.8.7.6)

PLATFORMS
  ruby

DEPENDENCIES
  compass (= 0.11.7)
  haml (~> 4.1.0.beta.1)
  haml-contrib
  maruku
  rake
  sass (~> 3.2.19)
  staticmatic
  yard
