GEM
  remote: https://rubygems.org/
  specs:
    chunky_png (1.4.0)
    compass (0.11.7)
      chunky_png (~> 1.2)
      fssm (>= 0.2.7)
      sass (~> 3.1)
    fssm (0.2.10)
    haml (6.2.0)
      temple (>= 0.8.2)
      thor
      tilt
    kramdown (2.4.0)
      rexml
    rack (3.0.8)
    rackup (2.1.0)
      rack (>= 3)
      webrick (~> 1.8)
    rake (13.0.6)
    rake-compiler (1.2.5)
      rake
    rexml (3.2.6)
    sass (3.2.19)
    staticmatic (0.11.1)
      compass (>= 0.10.0)
      haml (>= 2.0.0)
      rack (>= 1.0)
    temple (0.10.2)
    thor (1.2.2)
    tilt (2.3.0)
    webrick (1.8.1)
    yard (0.9.34)

PLATFORMS
  ruby

DEPENDENCIES
  compass (= 0.11.7)
  haml
  kramdown
  rackup
  rake
  rake-compiler
  sass (~> 3.2.19)
  staticmatic
  yard

BUNDLED WITH
   2.5.0.dev
