GEM
  remote: https://rubygems.org/
  specs:
    chunky_png (1.4.0)
    compass (0.11.7)
      chunky_png (~> 1.2)
      fssm (>= 0.2.7)
      sass (~> 3.1)
    fssm (0.2.10)
    haml (5.2.2)
      temple (>= 0.8.0)
      tilt
    haml-contrib (1.0.0.1)
      haml (>= 3.2.0.alpha.13)
    kramdown (2.3.1)
      rexml
    rack (2.2.3.1)
    rake (13.0.6)
    rexml (3.2.5)
    sass (3.2.19)
    staticmatic (0.11.1)
      compass (>= 0.10.0)
      haml (>= 2.0.0)
      rack (>= 1.0)
    temple (0.8.2)
    tilt (2.0.10)
    webrick (1.7.0)
    yard (0.9.27)
      webrick (~> 1.7.0)

PLATFORMS
  ruby

DEPENDENCIES
  compass (= 0.11.7)
  haml
  haml-contrib
  kramdown
  rake
  sass (~> 3.2.19)
  staticmatic
  yard

BUNDLED WITH
   2.3.8
