GEM
  remote: https://rubygems.org/
  specs:
    chunky_png (1.4.0)
    compass (0.11.7)
      chunky_png (~> 1.2)
      fssm (>= 0.2.7)
      sass (~> 3.1)
    fssm (0.2.10)
    haml (6.0.9)
      temple (>= 0.8.2)
      thor
      tilt
    kramdown (2.4.0)
      rexml
    rack (3.0.0)
    rackup (0.2.2)
      rack (>= 3.0.0.beta1)
      webrick
    rake (13.0.6)
    rake-compiler (1.2.0)
      rake
    rexml (3.2.5)
    sass (3.2.19)
    staticmatic (0.11.1)
      compass (>= 0.10.0)
      haml (>= 2.0.0)
      rack (>= 1.0)
    temple (0.9.1)
    thor (1.2.1)
    tilt (2.0.11)
    webrick (1.7.0)
    yard (0.9.28)
      webrick (~> 1.7.0)

PLATFORMS
  ruby

DEPENDENCIES
  compass (= 0.11.7)
  haml
  kramdown
  rackup
  rake
  rake-compiler
  sass (~> 3.2.19)
  staticmatic
  yard

BUNDLED WITH
   2.4.0.dev
