GEM
  remote: http://rubygems.org/
  specs:
    chunky_png (1.2.6)
    compass (0.11.7)
      chunky_png (~> 1.2)
      fssm (>= 0.2.7)
      sass (~> 3.1)
    fssm (0.2.9)
    haml (3.1.4)
    maruku (0.6.0)
      syntax (>= 1.0.0)
    rack (1.4.1)
    rake (0.9.3.beta.1)
    sass (3.2.1)
    staticmatic (0.11.1)
      compass (>= 0.10.0)
      haml (>= 2.0.0)
      rack (>= 1.0)
    syntax (1.0.0)
    yard (0.7.5)

PLATFORMS
  ruby

DEPENDENCIES
  compass (= 0.11.7)
  haml
  maruku
  rake (= 0.9.3.beta.1)
  staticmatic
  yard
